GEM
  remote: https://rubygems.org/
  specs:
    connection_pool (2.4.0)
    rack (2.2.6.4)
    redis (4.8.1)
    sidekiq (6.5.8)
      connection_pool (>= 2.2.5, < 3)
      rack (~> 2.0)
      redis (>= 4.5.0, < 5)

PLATFORMS
  ruby

DEPENDENCIES
  sidekiq

BUNDLED WITH
   1.17.2
